GEM
  specs:
    artii (2.1.2)

PLATFORMS
  x86_64-darwin-19

DEPENDENCIES
  artii

BUNDLED WITH
   2.2.21
