GEM
  specs:
    artii (2.1.2)
    coderay (1.1.3)
    method_source (1.0.0)
    pry (0.13.1)
      coderay (~> 1.1)
      method_source (~> 1.0)

PLATFORMS
  x86_64-darwin-19

DEPENDENCIES
  artii
  pry

BUNDLED WITH
   2.2.21
